NUGET
  remote: http://www.nuget.org/api/v2
    FSharp.Core (4.0.0.1)
GITHUB
  remote: fsprojects/FSharp.TypeProviders.StarterPack
    src/ProvidedTypes.fs (e0436b11faed9e7938b3c90d874a535f94311b87)
    src/ProvidedTypes.fsi (e0436b11faed9e7938b3c90d874a535f94311b87)
    src/ProvidedTypesTesting.fs (e0436b11faed9e7938b3c90d874a535f94311b87)